GEM
  remote: https://rubygems.org/
  specs:
    colorize (0.8.1)
    css_press (0.3.2)
      csspool-st (= 3.1.2)
      json
    csspool-st (3.1.2)
    execjs (2.7.0)
    html_press (0.8.2)
      htmlentities
      multi_css (>= 0.1.0)
      multi_js (>= 0.1.0)
    htmlentities (4.3.4)
    json (2.3.0)
    multi_css (0.1.0)
      css_press
    multi_js (0.1.0)
      uglifier (~> 2)
    redcarpet (3.5.0)
    uglifier (2.7.2)
      execjs (>= 0.3.0)
      json (>= 1.8.0)

PLATFORMS
  ruby

DEPENDENCIES
  colorize
  html_press
  redcarpet

BUNDLED WITH
   1.16.4
